GEM
  specs:
    ast (2.4.0)
    httparty (0.16.4)
      mime-types (~> 3.0)
      multi_xml (>= 0.5.2)
    jaro_winkler (1.5.4)
    mime-types (3.3.1)
      mime-types-data (~> 3.2015)
    mime-types-data (3.2019.1009)
    multi_xml (0.6.0)
    parallel (1.19.1)
    parser (2.7.0.2)
      ast (~> 2.4.0)
    rainbow (3.0.0)
    rubocop (0.79.0)
      jaro_winkler (~> 1.5.1)
      parallel (~> 1.10)
      parser (>= 2.7.0.1)
      rainbow (>= 2.2.2, < 4.0)
      ruby-progressbar (~> 1.7)
      unicode-display_width (>= 1.4.0, < 1.7)
    rubocop-performance (1.5.2)
      rubocop (>= 0.71.0)
    ruby-progressbar (1.10.1)
    samanage (2.1.23)
      httparty (= 0.16.4)
    unicode-display_width (1.6.0)

PLATFORMS
  ruby

DEPENDENCIES
  parallel (~> 1.19)
  rubocop (~> 0.79.0)
  rubocop-performance (~> 1.5)
  samanage (~> 2.1)

BUNDLED WITH
   2.1.2
